GIT
  remote: git://github.com/rspec/rspec-expectations.git
  revision: 0b63bf446ce84a613875417121980492571bfa90
  specs:
    rspec-expectations (2.6.0)
      diff-lcs (~> 1.1.2)

PATH
  remote: .
  specs:
    cuke_iterations (0.0.2)
      gherkin

GEM
  remote: http://rubygems.org/
  specs:
    diff-lcs (1.1.2)
    gherkin (2.4.11)
      json (>= 1.4.6)
    json (1.5.3)
    rake (0.9.2)
    rspec (2.6.0)
      rspec-core (~> 2.6.0)
      rspec-expectations (~> 2.6.0)
      rspec-mocks (~> 2.6.0)
    rspec-core (2.6.4)
    rspec-mocks (2.6.0)

PLATFORMS
  ruby

DEPENDENCIES
  cuke_iterations!
  rake (>= 0.9.2)
  rspec
  rspec-expectations!
