PATH
  remote: .
  specs:
    cuke_iterations (0.0.2)
      gherkin

GEM
  remote: http://rubygems.org/
  specs:
    activesupport (3.2.1)
      i18n (~> 0.6)
      multi_json (~> 1.0)
    diff-lcs (1.1.3)
    gherkin (2.7.6)
      json (>= 1.4.6)
    i18n (0.6.0)
    json (1.6.5)
    multi_json (1.1.0)
    rake (0.9.2.2)
    rspec (2.8.0)
      rspec-core (~> 2.8.0)
      rspec-expectations (~> 2.8.0)
      rspec-mocks (~> 2.8.0)
    rspec-core (2.8.0)
    rspec-expectations (2.8.0)
      diff-lcs (~> 1.1.2)
    rspec-mocks (2.8.0)

PLATFORMS
  ruby

DEPENDENCIES
  activesupport
  cuke_iterations!
  rake (>= 0.9.2)
  rspec
  rspec-expectations
